GEM
  remote: http://rubygems.org/
  specs:
    andand (1.3.3)
    bio (1.4.2)
    bsearch (1.5.0)
    builder (3.0.0)
    diff-lcs (1.1.3)
    git (1.2.5)
    jeweler (1.8.3)
      bundler (~> 1.0)
      git (>= 1.2.5)
      rake
      rdoc
    json (1.7.0)
    macaddr (1.5.0)
      systemu (>= 2.4.0)
    mspire (0.7.11)
      andand (>= 1.3.1)
      bio (~> 1.4.2)
      bsearch (>= 1.5.0)
      builder (~> 3.0.0)
      nokogiri (~> 1.5)
      obo (>= 0.1.0)
      trollop (~> 1.16.2)
      uuid (>= 2.3.5)
    multi_json (1.3.4)
    nokogiri (1.5.2)
    obo (0.1.0)
    rake (0.9.2.2)
    rdoc (3.12)
      json (~> 1.4)
    rspec (2.8.0)
      rspec-core (~> 2.8.0)
      rspec-expectations (~> 2.8.0)
      rspec-mocks (~> 2.8.0)
    rspec-core (2.8.0)
    rspec-expectations (2.8.0)
      diff-lcs (~> 1.1.2)
    rspec-mocks (2.8.0)
    simplecov (0.6.2)
      multi_json (~> 1.3)
      simplecov-html (~> 0.5.3)
    simplecov-html (0.5.3)
    systemu (2.5.0)
    trollop (1.16.2)
    uuid (2.3.5)
      macaddr (~> 1.0)

PLATFORMS
  ruby

DEPENDENCIES
  bundler (~> 1.1.3)
  jeweler (~> 1.8.3)
  mspire (~> 0.7.11)
  rdoc (~> 3.12)
  rspec (~> 2.8.0)
  simplecov
